{
  "Modality": "MR",
  "MagneticFieldStrength": 3,
  "ImagingFrequency": 123.200646,
  "Manufacturer": "Siemens",
  "ManufacturersModelName": "Prisma_fit",
  "InstitutionName": "NU Tarpon",
  "InstitutionalDepartmentName": "RESEARCH",
  "InstitutionAddress": "ST. CLAIR 715,CHICAGO,CHICAGO,US,60611",
  "DeviceSerialNumber": "167018",
  "StationName": "MRC35013",
  "BodyPartExamined": "BRAIN",
  "PatientPosition": "HFS",
  "ProcedureStepDescription": "FMRI_STUDIES^BRIGHT",
  "SoftwareVersions": "syngo MR E11",
  "MRAcquisitionType": "2D",
  "SeriesDescription": "Run1_144mm_2200TR_MB2_ME3_4slice",
  "ProtocolName": "Run1_144mm_2200TR_MB2_ME3_4slice",
  "ScanningSequence": "EP",
  "SequenceVariant": "SK\\SS",
  "ScanOptions": "PFP\\FS\\EXT",
  "SequenceName": "epfid2d3_104",
  "ImageType": [
    "ORIGINAL",
    "PRIMARY",
    "M",
    "MB",
    "TE1",
    "ND",
    "NORM",
    "MOSAIC"
  ],
  "NonlinearGradientCorrection": false,
  "SeriesNumber": 12,
  "AcquisitionTime": "11:57:40.005000",
  "AcquisitionNumber": 1,
  "ImageComments": "Unaliased MB2/PE4/LB SENSE1+",
  "SliceThickness": 4,
  "SpacingBetweenSlices": 4,
  "SAR": 0.0650343,
  "EchoNumber": 1,
  "EchoTime": 0.0134,
  "RepetitionTime": 2.2,
  "FlipAngle": 90,
  "PartialFourier": 0.75,
  "BaseResolution": 104,
  "ShimSetting": [
    855,
    -7271,
    -4847,
    399,
    48,
    -86,
    -13,
    -26
  ],
  "TxRefAmp": 255.814,
  "PhaseResolution": 1,
  "ReceiveCoilName": "Head_32",
  "ReceiveCoilActiveElements": "HEA;HEP",
  "PulseSequenceDetails": "%CustomerSeq%\\cmrr_mbep2d_bold",
  "WipMemBlock": "ddb993ce-ff2a-4f89-a42e-dfb29f8188c9||Sequence: R016 ve11c/master r/e634e98; Dec 19 2017 11:00:25 by eja",
  "RefLinesPE": 20,
  "CoilCombinationMethod": "Sum of Squares",
  "ConsistencyInfo": "N4_VE11C_LATEST_20160120",
  "MatrixCoilMode": "GRAPPA",
  "MultibandAccelerationFactor": 2,
  "PercentPhaseFOV": 100,
  "PercentSampling": 100,
  "EchoTrainLength": 38,
  "PhaseEncodingSteps": 77,
  "AcquisitionMatrixPE": 104,
  "ReconMatrixPE": 104,
  "BandwidthPerPixelPhaseEncode": 29.586,
  "ParallelReductionFactorInPlane": 2,
  "EffectiveEchoSpacing": 0.000324998,
  "DerivedVendorReportedEchoSpacing": 0.000649996,
  "TotalReadoutTime": 0.0334748,
  "PixelBandwidth": 1850,
  "DwellTime": 2.6e-06,
  "PhaseEncodingDirection": "j-",
  "SliceTiming": [
    0,
    0.4975,
    0.9925,
    1.4875,
    1.9825,
    0.2975,
    0.795,
    1.29,
    1.785,
    0.1,
    0.595,
    1.09,
    1.5875,
    2.0825,
    0.3975,
    0.8925,
    1.3875,
    1.885,
    0.2,
    0.695,
    1.19,
    1.685,
    0,
    0.4975,
    0.9925,
    1.4875,
    1.9825,
    0.2975,
    0.795,
    1.29,
    1.785,
    0.1,
    0.595,
    1.09,
    1.5875,
    2.0825,
    0.3975,
    0.8925,
    1.3875,
    1.885,
    0.2,
    0.695,
    1.19,
    1.685
  ],
  "ImageOrientationPatientDICOM": [
    0.998064,
    0.0559334,
    -0.02719,
    -0.0505598,
    0.984322,
    0.16898
  ],
  "ImageOrientationText": "Tra>Cor(9.6)>Sag(-2.1)",
  "InPlanePhaseEncodingDirectionDICOM": "COL",
  "ConversionSoftware": "dcm2niix",
  "ConversionSoftwareVersion": "v1.0.20230411",
  "TaskName": "right foot"
}
