{
  "Modality": "MR",
  "MagneticFieldStrength": 3,
  "ImagingFrequency": 123.26,
  "Manufacturer": "Siemens",
  "ManufacturersModelName": "Prisma_fit",
  "InstitutionName": "NU Tarpon",
  "InstitutionalDepartmentName": "RESEARCH",
  "InstitutionAddress": "ST. CLAIR 715,CHICAGO,CHICAGO,US,60611",
  "DeviceSerialNumber": "167018",
  "StationName": "MRC35013",
  "BodyPartExamined": "BRAIN",
  "PatientPosition": "HFS",
  "ProcedureStepDescription": "BRIGHT^ANVILdev",
  "SoftwareVersions": "syngo MR E11",
  "MRAcquisitionType": "2D",
  "SeriesDescription": "Run2_144mm_2200TR_MB2_ME3_4slice_SBRef",
  "ProtocolName": "Run2_144mm_2200TR_MB2_ME3_4slice",
  "ScanningSequence": "EP",
  "SequenceVariant": "SK\\SS",
  "ScanOptions": "PFP\\FS\\EXT",
  "SequenceName": "epfid2d3_104",
  "ImageType": [
    "ORIGINAL",
    "PRIMARY",
    "M",
    "TE1",
    "ND",
    "NORM",
    "MOSAIC"
  ],
  "SeriesNumber": 13,
  "AcquisitionTime": "14:50:35.345000",
  "AcquisitionNumber": 1,
  "ImageComments": "Single-band reference SENSE1",
  "SliceThickness": 4,
  "SpacingBetweenSlices": 4,
  "SAR": 0.0708288,
  "EchoNumber": 1,
  "EchoTime": 0.0134,
  "RepetitionTime": 2.2,
  "FlipAngle": 90,
  "PartialFourier": 0.75,
  "BaseResolution": 104,
  "ShimSetting": [
    843,
    -7330,
    -4854,
    462,
    26,
    -518,
    -20,
    24
  ],
  "TxRefAmp": 225.987,
  "PhaseResolution": 1,
  "ReceiveCoilName": "Head_32",
  "ReceiveCoilActiveElements": "HEA;HEP",
  "PulseSequenceDetails": "%CustomerSeq%\\cmrr_mbep2d_bold",
  "WipMemBlock": "efa44834-6ebd-4c10-b6aa-cde389ecb9d8||Sequence: R016 ve11c/master r/e634e98; Dec 19 2017 11:00:25 by eja",
  "RefLinesPE": 20,
  "CoilCombinationMethod": "Sum of Squares",
  "ConsistencyInfo": "N4_VE11C_LATEST_20160120",
  "MatrixCoilMode": "GRAPPA",
  "PercentPhaseFOV": 100,
  "PercentSampling": 100,
  "EchoTrainLength": 38,
  "PhaseEncodingSteps": 77,
  "AcquisitionMatrixPE": 104,
  "ReconMatrixPE": 104,
  "BandwidthPerPixelPhaseEncode": 29.586,
  "ParallelReductionFactorInPlane": 2,
  "EffectiveEchoSpacing": 0.000324998,
  "DerivedVendorReportedEchoSpacing": 0.000649996,
  "TotalReadoutTime": 0.0334748,
  "PixelBandwidth": 1850,
  "DwellTime": 2.6e-06,
  "PhaseEncodingDirection": "j-",
  "SliceTiming": [
    0,
    0.1,
    0.2,
    0.2975,
    0.3975,
    0.4975,
    0.595,
    0.695,
    0.7925,
    0.8925,
    0.9925,
    1.09,
    1.19,
    1.29,
    1.3875,
    1.4875,
    1.5875,
    1.685,
    1.785,
    1.8825,
    1.9825,
    2.0825,
    2.18,
    2.28,
    2.38,
    2.4775,
    2.5775,
    2.6775,
    2.775,
    2.875,
    2.9725,
    3.0725,
    3.1725,
    3.27,
    3.37,
    3.47,
    3.5675,
    3.6675,
    3.7675,
    3.865,
    3.965,
    4.0625,
    4.1625,
    4.2625
  ],
  "ImageOrientationPatientDICOM": [
    1,
    -4.39053e-06,
    0.000229121,
    -7.45597e-09,
    0.999816,
    0.0191915
  ],
  "ImageOrientationText": "Tra>Cor(1.1)>Sag(0.0)",
  "InPlanePhaseEncodingDirectionDICOM": "COL",
  "ConversionSoftware": "dcm2niix",
  "ConversionSoftwareVersion": "v1.0.20211006",
  "TaskName": "left hand"
}
