{
	"Modality": "MR",
	"MagneticFieldStrength": 3,
	"ImagingFrequency": 123.201,
	"Manufacturer": "Siemens",
	"ManufacturersModelName": "Prisma_fit",
	"InstitutionName": "NU Tarpon",
	"InstitutionalDepartmentName": "RESEARCH",
	"InstitutionAddress": "ST. CLAIR 715,CHICAGO,CHICAGO,US,60611",
	"DeviceSerialNumber": "167018",
	"StationName": "MRC35013",
	"BodyPartExamined": "BRAIN",
	"PatientPosition": "HFS",
	"ProcedureStepDescription": "FMRI_STUDIES^BRIGHT",
	"SoftwareVersions": "syngo MR E11",
	"MRAcquisitionType": "2D",
	"SeriesDescription": "gre_field_mapping",
	"ProtocolName": "gre_field_mapping",
	"ScanningSequence": "GR",
	"SequenceVariant": "SP",
	"SequenceName": "*fm2d2r",
	"ImageType": ["ORIGINAL", "PRIMARY", "M", "ND"],
	"SeriesNumber": 9,
	"AcquisitionTime": "09:18:50.217500",
	"AcquisitionNumber": 1,
	"SliceThickness": 3,
	"SpacingBetweenSlices": 3,
	"SAR": 0.0891757,
	"EchoNumber": 2,
	"EchoTime": 0.00738,
	"RepetitionTime": 0.645,
	"FlipAngle": 50,
	"PartialFourier": 1,
	"BaseResolution": 64,
	"ShimSetting": [
		852,
		-7270,
		-4828,
		454,
		35,
		-49,
		-45,
		-19	],
	"TxRefAmp": 262.902,
	"PhaseResolution": 1,
	"ReceiveCoilName": "Head_32",
	"ReceiveCoilActiveElements": "HEA;HEP",
	"PulseSequenceDetails": "%SiemensSeq%\\gre_field_mapping",
	"CoilCombinationMethod": "Sum of Squares",
	"ConsistencyInfo": "N4_VE11C_LATEST_20160120",
	"MatrixCoilMode": "SENSE",
	"PercentPhaseFOV": 87.5,
	"PercentSampling": 100,
	"PhaseEncodingSteps": 56,
	"AcquisitionMatrixPE": 56,
	"ReconMatrixPE": 56,
	"PixelBandwidth": 565,
	"DwellTime": 1.38e-05,
	"PhaseEncodingDirection": "i",
	"SliceTiming": [
		0.32031,
		0,
		0.32812,
		0.00781,
		0.33594,
		0.01562,
		0.35156,
		0.02344,
		0.35938,
		0.03906,
		0.36719,
		0.04688,
		0.38281,
		0.05469,
		0.39062,
		0.07031,
		0.39844,
		0.07812,
		0.40625,
		0.08594,
		0.41406,
		0.09375,
		0.42969,
		0.10156,
		0.4375,
		0.11719,
		0.44531,
		0.125,
		0.45312,
		0.13281,
		0.46875,
		0.14062,
		0.47656,
		0.15625,
		0.48438,
		0.16406,
		0.5,
		0.17188,
		0.50781,
		0.1875,
		0.51562,
		0.19531,
		0.52344,
		0.20312,
		0.53125,
		0.21094,
		0.54688,
		0.21875,
		0.55469,
		0.23438,
		0.5625,
		0.24219,
		0.57031,
		0.25,
		0.58594,
		0.25781,
		0.59375,
		0.27344,
		0.60156,
		0.28125,
		0.60938,
		0.28906,
		0.625,
		0.29688,
		0.63281,
		0.3125	],
	"ImageOrientationPatientDICOM": [
		0.997601,
		-0.0256707,
		0.0642844,
		0.0121886,
		0.979325,
		0.201924	],
	"ImageOrientationText": "Tra>Cor(11.6)>Sag(3.9)",
	"InPlanePhaseEncodingDirectionDICOM": "ROW",
	"ConversionSoftware": "dcm2niix",
	"ConversionSoftwareVersion": "v1.0.20211006"
}
