{
	"Modality": "MR",
	"MagneticFieldStrength": 3,
	"ImagingFrequency": 123.261,
	"Manufacturer": "Siemens",
	"ManufacturersModelName": "Prisma_fit",
	"InstitutionName": "NU Tarpon",
	"InstitutionalDepartmentName": "RESEARCH",
	"InstitutionAddress": "ST. CLAIR 715,CHICAGO,CHICAGO,US,60611",
	"DeviceSerialNumber": "167018",
	"StationName": "MRC35013",
	"BodyPartExamined": "BRAIN",
	"PatientPosition": "HFS",
	"ProcedureStepDescription": "BRIGHT^ANVILdev",
	"SoftwareVersions": "syngo MR E11",
	"MRAcquisitionType": "2D",
	"SeriesDescription": "gre_field_mapping",
	"ProtocolName": "gre_field_mapping",
	"ScanningSequence": "GR",
	"SequenceVariant": "SP",
	"SequenceName": "*fm2d2r",
	"ImageType": ["ORIGINAL", "PRIMARY", "M", "ND"],
	"SeriesNumber": 5,
	"AcquisitionTime": "16:18:32.667500",
	"AcquisitionNumber": 1,
	"SliceThickness": 3,
	"SpacingBetweenSlices": 3,
	"SAR": 0.117124,
	"EchoNumber": 1,
	"EchoTime": 0.00492,
	"RepetitionTime": 0.645,
	"FlipAngle": 50,
	"PartialFourier": 1,
	"BaseResolution": 64,
	"ShimSetting": [
		842,
		-7310,
		-4752,
		481,
		-64,
		-101,
		48,
		44	],
	"TxRefAmp": 268.654,
	"PhaseResolution": 1,
	"ReceiveCoilName": "Head_32",
	"ReceiveCoilActiveElements": "HEA;HEP",
	"PulseSequenceDetails": "%SiemensSeq%\\gre_field_mapping",
	"CoilCombinationMethod": "Sum of Squares",
	"ConsistencyInfo": "N4_VE11C_LATEST_20160120",
	"MatrixCoilMode": "SENSE",
	"MultibandAccelerationFactor": 2,
	"PercentPhaseFOV": 87.5,
	"PercentSampling": 100,
	"PhaseEncodingSteps": 56,
	"AcquisitionMatrixPE": 56,
	"ReconMatrixPE": 56,
	"PixelBandwidth": 565,
	"DwellTime": 1.38e-05,
	"PhaseEncodingDirection": "i",
	"SliceTiming": [
		0.32812,
		0,
		0.32812,
		0.01562,
		0.34375,
		0.01562,
		0.35938,
		0.03125,
		0.35938,
		0.04688,
		0.375,
		0.04688,
		0.375,
		0.0625,
		0.39062,
		0.0625,
		0.40625,
		0.07812,
		0.40625,
		0.09375,
		0.42188,
		0.09375,
		0.4375,
		0.10938,
		0.4375,
		0.125,
		0.45312,
		0.125,
		0.46875,
		0.14062,
		0.46875,
		0.15625,
		0.48438,
		0.15625,
		0.48438,
		0.17188,
		0.5,
		0.17188,
		0.51562,
		0.1875,
		0.51562,
		0.20312,
		0.53125,
		0.20312,
		0.53125,
		0.21875,
		0.54688,
		0.21875,
		0.5625,
		0.23438,
		0.5625,
		0.25,
		0.57812,
		0.25,
		0.59375,
		0.26562,
		0.59375,
		0.28125,
		0.60938,
		0.28125,
		0.60938,
		0.29688,
		0.625,
		0.29688,
		0.64062,
		0.3125	],
	"ImageOrientationPatientDICOM": [
		0.999906,
		0.00138491,
		0.0136132,
		-0.00418842,
		0.97809,
		0.208141	],
	"ImageOrientationText": "Tra>Cor(12.0)>Sag(0.7)",
	"InPlanePhaseEncodingDirectionDICOM": "ROW",
	"ConversionSoftware": "dcm2niix",
	"ConversionSoftwareVersion": "v1.0.20211006"
}
