{
	"Modality": "MR",
	"MagneticFieldStrength": 3,
	"ImagingFrequency": 123.260973,
	"Manufacturer": "Siemens",
	"ManufacturersModelName": "Prisma_fit",
	"InstitutionName": "NU Tarpon",
	"InstitutionalDepartmentName": "RESEARCH",
	"InstitutionAddress": "ST. CLAIR 715,CHICAGO,CHICAGO,US,60611",
	"DeviceSerialNumber": "167018",
	"StationName": "MRC35013",
	"BodyPartExamined": "BRAIN",
	"PatientPosition": "HFS",
	"ProcedureStepDescription": "BRIGHT^NIELSON",
	"SoftwareVersions": "syngo MR E11",
	"MRAcquisitionType": "3D",
	"SeriesDescription": "T1w_ME3_MPR_vNav_1iso_WORKS RMS",
	"ProtocolName": "T1w_ME3_MPR_vNav_1iso_WORKS",
	"ScanningSequence": "GR\\IR",
	"SequenceVariant": "SK\\SP\\MP",
	"ScanOptions": "IR\\PFP\\WE",
	"SequenceName": "tfl3d3_16ns",
	"ImageType": ["ORIGINAL", "PRIMARY", "OTHER", "ND", "NORM", "MEAN"],
	"NonlinearGradientCorrection": false,
	"SeriesNumber": 31,
	"AcquisitionTime": "13:16:18.532500",
	"AcquisitionNumber": 1,
	"SliceThickness": 1,
	"SAR": 0.0278869,
	"NumberOfAverages": 3,
	"EchoTime": 0.00169,
	"RepetitionTime": 2.17,
	"SpoilingState": true,
	"InversionTime": 1.16,
	"FlipAngle": 7,
	"PartialFourier": 0.75,
	"BaseResolution": 256,
	"ShimSetting": [
		839,
		-7153,
		-4871,
		356,
		-5,
		-42,
		-50,
		-19	],
	"TxRefAmp": 218.429,
	"PhaseResolution": 1,
	"ReceiveCoilName": "HeadNeck_64",
	"ReceiveCoilActiveElements": "HC1-7;NC1,2",
	"PulseSequenceDetails": "%CustomerSeq%\\tfl_mgh_epinav_ABCD",
	"WipMemBlock": "Prisma_epi_moco_navigator_ABCD_tfl.prot",
	"RefLinesPE": 36,
	"CoilCombinationMethod": "Adaptive Combine",
	"ConsistencyInfo": "N4_VE11C_LATEST_20160120",
	"MatrixCoilMode": "GRAPPA",
	"PercentPhaseFOV": 100,
	"PercentSampling": 100,
	"PhaseEncodingSteps": 191,
	"AcquisitionMatrixPE": 256,
	"ReconMatrixPE": 256,
	"ParallelReductionFactorInPlane": 2,
	"PixelBandwidth": 650,
	"DwellTime": 3e-06,
	"ImageOrientationPatientDICOM": [
		0.0203982,
		0.999751,
		0.00907546,
		0.00459796,
		0.00898345,
		-0.999949	],
	"ImageOrientationText": "Sag>Cor(1.2)>Tra(-0.3)",
	"InPlanePhaseEncodingDirectionDICOM": "ROW",
	"ConversionSoftware": "dcm2niix",
	"ConversionSoftwareVersion": "v1.0.20230411"
}
