{
  "Modality": "MR",
  "MagneticFieldStrength": 3,
  "ImagingFrequency": 123.261,
  "Manufacturer": "Siemens",
  "ManufacturersModelName": "Prisma_fit",
  "InstitutionName": "NU Tarpon",
  "InstitutionalDepartmentName": "RESEARCH",
  "InstitutionAddress": "ST. CLAIR 715,CHICAGO,CHICAGO,US,60611",
  "DeviceSerialNumber": "167018",
  "StationName": "MRC35013",
  "BodyPartExamined": "BRAIN",
  "PatientPosition": "HFS",
  "ProcedureStepDescription": "BRIGHT^ANVILdev",
  "SoftwareVersions": "syngo MR E11",
  "MRAcquisitionType": "2D",
  "SeriesDescription": "Run3_144mm_2200TR_MB2_ME3_4slice",
  "ProtocolName": "Run3_144mm_2200TR_MB2_ME3_4slice",
  "ScanningSequence": "EP",
  "SequenceVariant": "SK\\SS",
  "ScanOptions": "PFP\\FS\\EXT",
  "SequenceName": "epfid2d3_104",
  "ImageType": [
    "ORIGINAL",
    "PRIMARY",
    "M",
    "MB",
    "TE2",
    "ND",
    "NORM",
    "MOSAIC"
  ],
  "SeriesNumber": 14,
  "AcquisitionTime": "14:56:58.130000",
  "AcquisitionNumber": 1,
  "ImageComments": "Unaliased MB2/PE4/LB SENSE1",
  "SliceThickness": 4,
  "SpacingBetweenSlices": 4,
  "SAR": 0.0716364,
  "EchoNumber": 2,
  "EchoTime": 0.0395,
  "RepetitionTime": 2.2,
  "FlipAngle": 90,
  "PartialFourier": 0.75,
  "BaseResolution": 104,
  "ShimSetting": [
    822,
    -7351,
    -4881,
    386,
    103,
    -214,
    -102,
    -18
  ],
  "TxRefAmp": 227.824,
  "PhaseResolution": 1,
  "ReceiveCoilName": "Head_32",
  "ReceiveCoilActiveElements": "HEA;HEP",
  "PulseSequenceDetails": "%CustomerSeq%\\cmrr_mbep2d_bold",
  "WipMemBlock": "221f4f70-9af5-445a-8745-78d5ea591187||Sequence: R016 ve11c/master r/e634e98; Dec 19 2017 11:00:25 by eja",
  "RefLinesPE": 20,
  "CoilCombinationMethod": "Sum of Squares",
  "ConsistencyInfo": "N4_VE11C_LATEST_20160120",
  "MatrixCoilMode": "GRAPPA",
  "MultibandAccelerationFactor": 2,
  "PercentPhaseFOV": 100,
  "PercentSampling": 100,
  "EchoTrainLength": 38,
  "PhaseEncodingSteps": 77,
  "AcquisitionMatrixPE": 104,
  "ReconMatrixPE": 104,
  "BandwidthPerPixelPhaseEncode": 29.586,
  "ParallelReductionFactorInPlane": 2,
  "EffectiveEchoSpacing": 0.000324998,
  "DerivedVendorReportedEchoSpacing": 0.000649996,
  "TotalReadoutTime": 0.0334748,
  "PixelBandwidth": 1850,
  "DwellTime": 2.6e-06,
  "PhaseEncodingDirection": "j-",
  "SliceTiming": [
    0,
    0.495,
    0.99,
    1.485,
    1.98,
    0.2975,
    0.7925,
    1.2875,
    1.7825,
    0.0975,
    0.5925,
    1.09,
    1.585,
    2.08,
    0.395,
    0.89,
    1.3875,
    1.8825,
    0.1975,
    0.6925,
    1.1875,
    1.6825,
    0,
    0.495,
    0.99,
    1.485,
    1.98,
    0.2975,
    0.7925,
    1.2875,
    1.7825,
    0.0975,
    0.5925,
    1.09,
    1.585,
    2.08,
    0.395,
    0.89,
    1.3875,
    1.8825,
    0.1975,
    0.6925,
    1.1875,
    1.6825
  ],
  "ImageOrientationPatientDICOM": [
    0.991541,
    0.126715,
    -0.0281144,
    -0.125261,
    0.990935,
    0.0485593
  ],
  "ImageOrientationText": "Tra>Cor(2.6)>Sag(-1.9)",
  "InPlanePhaseEncodingDirectionDICOM": "COL",
  "ConversionSoftware": "dcm2niix",
  "ConversionSoftwareVersion": "v1.0.20211006",
  "TaskName": "left hand"
}
