{
  "Modality": "MR",
  "MagneticFieldStrength": 3,
  "ImagingFrequency": 123.261,
  "Manufacturer": "Siemens",
  "ManufacturersModelName": "Prisma_fit",
  "InstitutionName": "NU Tarpon",
  "InstitutionalDepartmentName": "RESEARCH",
  "InstitutionAddress": "ST. CLAIR 715,CHICAGO,CHICAGO,US,60611",
  "DeviceSerialNumber": "167018",
  "StationName": "MRC35013",
  "BodyPartExamined": "BRAIN",
  "PatientPosition": "HFS",
  "ProcedureStepDescription": "BRIGHT^ANVILdev",
  "SoftwareVersions": "syngo MR E11",
  "MRAcquisitionType": "2D",
  "SeriesDescription": "Run1_144mm_2200TR_MB2_ME3_4slice_SBRef",
  "ProtocolName": "Run1_144mm_2200TR_MB2_ME3_4slice",
  "ScanningSequence": "EP",
  "SequenceVariant": "SK\\SS",
  "ScanOptions": "PFP\\FS\\EXT",
  "SequenceName": "epfid2d3_104",
  "ImageType": [
    "ORIGINAL",
    "PRIMARY",
    "M",
    "TE3",
    "ND",
    "NORM",
    "MOSAIC"
  ],
  "SeriesNumber": 11,
  "AcquisitionTime": "13:50:10.482500",
  "AcquisitionNumber": 1,
  "ImageComments": "Single-band reference SENSE1",
  "SliceThickness": 4,
  "SpacingBetweenSlices": 4,
  "SAR": 0.0700989,
  "EchoNumber": 3,
  "EchoTime": 0.0656,
  "RepetitionTime": 2.2,
  "FlipAngle": 90,
  "PartialFourier": 0.75,
  "BaseResolution": 104,
  "ShimSetting": [
    836,
    -7374,
    -4844,
    390,
    83,
    -367,
    -48,
    -8
  ],
  "TxRefAmp": 226.615,
  "PhaseResolution": 1,
  "ReceiveCoilName": "Head_32",
  "ReceiveCoilActiveElements": "HEA;HEP",
  "PulseSequenceDetails": "%CustomerSeq%\\cmrr_mbep2d_bold",
  "WipMemBlock": "ac05d9ba-a9da-4bdd-9d8d-71452bfd3274||Sequence: R016 ve11c/master r/e634e98; Dec 19 2017 11:00:25 by eja",
  "RefLinesPE": 20,
  "CoilCombinationMethod": "Sum of Squares",
  "ConsistencyInfo": "N4_VE11C_LATEST_20160120",
  "MatrixCoilMode": "GRAPPA",
  "PercentPhaseFOV": 100,
  "PercentSampling": 100,
  "EchoTrainLength": 38,
  "PhaseEncodingSteps": 77,
  "AcquisitionMatrixPE": 104,
  "ReconMatrixPE": 104,
  "BandwidthPerPixelPhaseEncode": 29.586,
  "ParallelReductionFactorInPlane": 2,
  "EffectiveEchoSpacing": 0.000324998,
  "DerivedVendorReportedEchoSpacing": 0.000649996,
  "TotalReadoutTime": 0.0334748,
  "PixelBandwidth": 1850,
  "DwellTime": 2.6e-06,
  "PhaseEncodingDirection": "j-",
  "SliceTiming": [
    0,
    0.0975,
    0.1975,
    0.2975,
    0.395,
    0.495,
    0.5925,
    0.6925,
    0.7925,
    0.89,
    0.99,
    1.09,
    1.1875,
    1.2875,
    1.3875,
    1.485,
    1.585,
    1.6825,
    1.7825,
    1.8825,
    1.98,
    2.08,
    2.18,
    2.2775,
    2.3775,
    2.4775,
    2.575,
    2.675,
    2.7725,
    2.8725,
    2.9725,
    3.07,
    3.17,
    3.27,
    3.3675,
    3.4675,
    3.5675,
    3.665,
    3.765,
    3.8625,
    3.9625,
    4.0625,
    4.16,
    4.26
  ],
  "ImageOrientationPatientDICOM": [
    0.999802,
    -0.0198114,
    -0.00182893,
    0.0198955,
    0.995879,
    0.0884841
  ],
  "ImageOrientationText": "Tra>Cor(5.1)>Sag(-0.0)",
  "InPlanePhaseEncodingDirectionDICOM": "COL",
  "ConversionSoftware": "dcm2niix",
  "ConversionSoftwareVersion": "v1.0.20211006",
  "TaskName": "left hand"
}
