{
  "Modality": "MR",
  "MagneticFieldStrength": 3,
  "ImagingFrequency": 123.200628,
  "Manufacturer": "Siemens",
  "ManufacturersModelName": "Prisma_fit",
  "InstitutionName": "NU Tarpon",
  "InstitutionalDepartmentName": "RESEARCH",
  "InstitutionAddress": "ST. CLAIR 715,CHICAGO,CHICAGO,US,60611",
  "DeviceSerialNumber": "167018",
  "StationName": "MRC35013",
  "BodyPartExamined": "BRAIN",
  "PatientPosition": "HFS",
  "ProcedureStepDescription": "FMRI_STUDIES^BRIGHT",
  "SoftwareVersions": "syngo MR E11",
  "MRAcquisitionType": "2D",
  "SeriesDescription": "Run2_144mm_2200TR_MB2_ME3_4slice_SBRef",
  "ProtocolName": "Run2_144mm_2200TR_MB2_ME3_4slice",
  "ScanningSequence": "EP",
  "SequenceVariant": "SK\\SS",
  "ScanOptions": "PFP\\FS\\EXT",
  "SequenceName": "epfid2d3_104",
  "ImageType": [
    "ORIGINAL",
    "PRIMARY",
    "M",
    "TE2",
    "ND",
    "NORM",
    "MOSAIC"
  ],
  "NonlinearGradientCorrection": false,
  "SeriesNumber": 7,
  "AcquisitionTime": "16:02:13.195000",
  "AcquisitionNumber": 1,
  "ImageComments": "Single-band reference SENSE1+",
  "SliceThickness": 4,
  "SpacingBetweenSlices": 4,
  "SAR": 0.0761579,
  "EchoNumber": 2,
  "EchoTime": 0.0395,
  "RepetitionTime": 2.2,
  "FlipAngle": 90,
  "PartialFourier": 0.75,
  "BaseResolution": 104,
  "ShimSetting": [
    841,
    -7305,
    -4795,
    464,
    -18,
    -102,
    95,
    -50
  ],
  "TxRefAmp": 236.419,
  "PhaseResolution": 1,
  "ReceiveCoilName": "Head_32",
  "ReceiveCoilActiveElements": "HEA;HEP",
  "PulseSequenceDetails": "%CustomerSeq%\\cmrr_mbep2d_bold",
  "WipMemBlock": "82328c0d-3cae-42c4-9eed-f7ca08506d65||Sequence: R016 ve11c/master r/e634e98; Dec 19 2017 11:00:25 by eja",
  "RefLinesPE": 20,
  "CoilCombinationMethod": "Sum of Squares",
  "ConsistencyInfo": "N4_VE11C_LATEST_20160120",
  "MatrixCoilMode": "GRAPPA",
  "PercentPhaseFOV": 100,
  "PercentSampling": 100,
  "EchoTrainLength": 38,
  "PhaseEncodingSteps": 77,
  "AcquisitionMatrixPE": 104,
  "ReconMatrixPE": 104,
  "BandwidthPerPixelPhaseEncode": 29.586,
  "ParallelReductionFactorInPlane": 2,
  "EffectiveEchoSpacing": 0.000324998,
  "DerivedVendorReportedEchoSpacing": 0.000649996,
  "TotalReadoutTime": 0.0334748,
  "PixelBandwidth": 1850,
  "DwellTime": 2.6e-06,
  "PhaseEncodingDirection": "j-",
  "SliceTiming": [
    0,
    0.1,
    0.1975,
    0.2975,
    0.3975,
    0.495,
    0.595,
    0.695,
    0.7925,
    0.8925,
    0.99,
    1.09,
    1.19,
    1.2875,
    1.3875,
    1.4875,
    1.585,
    1.685,
    1.785,
    1.8825,
    1.9825,
    2.08,
    2.18,
    2.28,
    2.3775,
    2.4775,
    2.5775,
    2.675,
    2.775,
    2.875,
    2.9725,
    3.0725,
    3.17,
    3.27,
    3.37,
    3.4675,
    3.5675,
    3.6675,
    3.765,
    3.865,
    3.965,
    4.0625,
    4.1625,
    4.26
  ],
  "ImageOrientationPatientDICOM": [
    0.998696,
    0.0340016,
    0.0380749,
    -0.0378424,
    0.993733,
    0.105176
  ],
  "ImageOrientationText": "Tra>Cor(6.1)>Sag(2.0)",
  "InPlanePhaseEncodingDirectionDICOM": "COL",
  "ConversionSoftware": "dcm2niix",
  "ConversionSoftwareVersion": "v1.0.20230411",
  "TaskName": "right foot"
}
