{
  "Modality": "MR",
  "MagneticFieldStrength": 3,
  "ImagingFrequency": 123.201,
  "Manufacturer": "Siemens",
  "ManufacturersModelName": "Prisma_fit",
  "InstitutionName": "NU Tarpon",
  "InstitutionalDepartmentName": "RESEARCH",
  "InstitutionAddress": "ST. CLAIR 715,CHICAGO,CHICAGO,US,60611",
  "DeviceSerialNumber": "167018",
  "StationName": "MRC35013",
  "BodyPartExamined": "BRAIN",
  "PatientPosition": "HFS",
  "ProcedureStepDescription": "FMRI_STUDIES^BRIGHT",
  "SoftwareVersions": "syngo MR E11",
  "MRAcquisitionType": "2D",
  "SeriesDescription": "Run1_144mm_2200TR_MB2_ME3_4slice_SBRef",
  "ProtocolName": "Run1_144mm_2200TR_MB2_ME3_4slice",
  "ScanningSequence": "EP",
  "SequenceVariant": "SK\\SS",
  "ScanOptions": "PFP\\FS\\EXT",
  "SequenceName": "epfid2d3_104",
  "ImageType": [
    "ORIGINAL",
    "PRIMARY",
    "M",
    "TE3",
    "ND",
    "NORM",
    "MOSAIC"
  ],
  "SeriesNumber": 7,
  "AcquisitionTime": "15:37:30.735000",
  "AcquisitionNumber": 1,
  "ImageComments": "Single-band reference SENSE1+",
  "SliceThickness": 4,
  "SpacingBetweenSlices": 4,
  "SAR": 0.0851078,
  "EchoNumber": 3,
  "EchoTime": 0.0656,
  "RepetitionTime": 2.2,
  "FlipAngle": 90,
  "PartialFourier": 0.75,
  "BaseResolution": 104,
  "ShimSetting": [
    851,
    -7299,
    -4847,
    457,
    96,
    -346,
    -64,
    -21
  ],
  "TxRefAmp": 245.328,
  "PhaseResolution": 1,
  "ReceiveCoilName": "Head_32",
  "ReceiveCoilActiveElements": "HEA;HEP",
  "PulseSequenceDetails": "%CustomerSeq%\\cmrr_mbep2d_bold",
  "WipMemBlock": "3b47afa4-27e2-49dc-a708-d7e95b23e24d||Sequence: R016 ve11c/master r/e634e98; Dec 19 2017 11:00:25 by eja",
  "RefLinesPE": 20,
  "CoilCombinationMethod": "Sum of Squares",
  "ConsistencyInfo": "N4_VE11C_LATEST_20160120",
  "MatrixCoilMode": "GRAPPA",
  "PercentPhaseFOV": 100,
  "PercentSampling": 100,
  "EchoTrainLength": 38,
  "PhaseEncodingSteps": 77,
  "AcquisitionMatrixPE": 104,
  "ReconMatrixPE": 104,
  "BandwidthPerPixelPhaseEncode": 29.586,
  "ParallelReductionFactorInPlane": 2,
  "EffectiveEchoSpacing": 0.000324998,
  "DerivedVendorReportedEchoSpacing": 0.000649996,
  "TotalReadoutTime": 0.0334748,
  "PixelBandwidth": 1850,
  "DwellTime": 2.6e-06,
  "PhaseEncodingDirection": "j-",
  "SliceTiming": [
    0,
    0.1,
    0.1975,
    0.2975,
    0.3975,
    0.495,
    0.595,
    0.695,
    0.7925,
    0.8925,
    0.9925,
    1.09,
    1.19,
    1.2875,
    1.3875,
    1.4875,
    1.585,
    1.685,
    1.785,
    1.8825,
    1.9825,
    2.0825,
    2.18,
    2.28,
    2.3775,
    2.4775,
    2.5775,
    2.675,
    2.775,
    2.875,
    2.9725,
    3.0725,
    3.1725,
    3.27,
    3.37,
    3.4675,
    3.5675,
    3.6675,
    3.765,
    3.865,
    3.965,
    4.0625,
    4.1625,
    4.2625
  ],
  "ImageOrientationPatientDICOM": [
    0.997249,
    0.0565165,
    -0.0479544,
    -0.0534854,
    0.996624,
    0.0622962
  ],
  "ImageOrientationText": "Tra>Cor(3.4)>Sag(-2.9)",
  "InPlanePhaseEncodingDirectionDICOM": "COL",
  "ConversionSoftware": "dcm2niix",
  "ConversionSoftwareVersion": "v1.0.20211006",
  "TaskName": "left hand"
}
