{
	"Modality": "MR",
	"MagneticFieldStrength": 3,
	"ImagingFrequency": 123.261,
	"Manufacturer": "Siemens",
	"ManufacturersModelName": "Prisma_fit",
	"InstitutionName": "NU Tarpon",
	"InstitutionalDepartmentName": "RESEARCH",
	"InstitutionAddress": "ST. CLAIR 715,CHICAGO,CHICAGO,US,60611",
	"DeviceSerialNumber": "167018",
	"StationName": "MRC35013",
	"BodyPartExamined": "BRAIN",
	"PatientPosition": "HFS",
	"ProcedureStepDescription": "BRIGHT^ANVILdev",
	"SoftwareVersions": "syngo MR E11",
	"MRAcquisitionType": "3D",
	"SeriesDescription": "T1w_ME3_MPR_vNav_1iso_WORKS RMS",
	"ProtocolName": "T1w_ME3_MPR_vNav_1iso_WORKS",
	"ScanningSequence": "GR\\IR",
	"SequenceVariant": "SK\\SP\\MP",
	"ScanOptions": "IR\\PFP\\WE",
	"SequenceName": "tfl3d3_16ns",
	"ImageType": ["ORIGINAL", "PRIMARY", "OTHER", "ND", "NORM", "MEAN"],
	"SeriesNumber": 8,
	"AcquisitionTime": "10:57:7.317500",
	"AcquisitionNumber": 1,
	"SliceThickness": 1,
	"SAR": 0.0341704,
	"NumberOfAverages": 3,
	"EchoTime": 0.00169,
	"RepetitionTime": 2.17,
	"SpoilingState": true,
	"InversionTime": 1.16,
	"FlipAngle": 7,
	"PartialFourier": 0.75,
	"BaseResolution": 256,
	"ShimSetting": [
		854,
		-7259,
		-4781,
		461,
		-109,
		77,
		-74,
		-9	],
	"TxRefAmp": 234.013,
	"PhaseResolution": 1,
	"ReceiveCoilName": "Head_32",
	"ReceiveCoilActiveElements": "HEA;HEP",
	"PulseSequenceDetails": "%CustomerSeq%\\tfl_mgh_epinav_ABCD",
	"WipMemBlock": "Prisma_epi_moco_navigator_ABCD_tfl.prot",
	"RefLinesPE": 36,
	"CoilCombinationMethod": "Adaptive Combine",
	"ConsistencyInfo": "N4_VE11C_LATEST_20160120",
	"MatrixCoilMode": "GRAPPA",
	"PercentPhaseFOV": 100,
	"PercentSampling": 100,
	"PhaseEncodingSteps": 191,
	"AcquisitionMatrixPE": 256,
	"ReconMatrixPE": 256,
	"ParallelReductionFactorInPlane": 2,
	"PixelBandwidth": 650,
	"DwellTime": 3e-06,
	"ImageOrientationPatientDICOM": [
		-0.00511918,
		0.995097,
		0.0987705,
		0.0636449,
		0.0988958,
		-0.99306	],
	"ImageOrientationText": "Sag>Tra(-3.7)>Cor(0.1)",
	"InPlanePhaseEncodingDirectionDICOM": "ROW",
	"ConversionSoftware": "dcm2niix",
	"ConversionSoftwareVersion": "v1.0.20211006"
}
