{
  "Modality": "MR",
  "MagneticFieldStrength": 3,
  "ImagingFrequency": 123.2,
  "Manufacturer": "Siemens",
  "ManufacturersModelName": "Prisma_fit",
  "InstitutionName": "NU Tarpon",
  "InstitutionalDepartmentName": "RESEARCH",
  "InstitutionAddress": "ST. CLAIR 715,CHICAGO,CHICAGO,US,60611",
  "DeviceSerialNumber": "167018",
  "StationName": "MRC35013",
  "BodyPartExamined": "BRAIN",
  "PatientPosition": "HFS",
  "ProcedureStepDescription": "FMRI_STUDIES^BRIGHT",
  "SoftwareVersions": "syngo MR E11",
  "MRAcquisitionType": "2D",
  "SeriesDescription": "Run1_144mm_2200TR_MB2_ME3_4slice",
  "ProtocolName": "Run1_144mm_2200TR_MB2_ME3_4slice",
  "ScanningSequence": "EP",
  "SequenceVariant": "SK\\SS",
  "ScanOptions": "PFP\\FS\\EXT",
  "SequenceName": "epfid2d3_104",
  "ImageType": [
    "ORIGINAL",
    "PRIMARY",
    "M",
    "MB",
    "TE1",
    "ND",
    "NORM",
    "MOSAIC"
  ],
  "SeriesNumber": 8,
  "AcquisitionTime": "15:31:34.805000",
  "AcquisitionNumber": 1,
  "ImageComments": "Unaliased MB2/PE4/LB SENSE1+",
  "SliceThickness": 4,
  "SpacingBetweenSlices": 4,
  "SAR": 0.0758222,
  "EchoNumber": 1,
  "EchoTime": 0.0134,
  "RepetitionTime": 2.2,
  "FlipAngle": 90,
  "PartialFourier": 0.75,
  "BaseResolution": 104,
  "ShimSetting": [
    847,
    -7393,
    -4826,
    322,
    24,
    -454,
    48,
    3
  ],
  "TxRefAmp": 233.162,
  "PhaseResolution": 1,
  "ReceiveCoilName": "Head_32",
  "ReceiveCoilActiveElements": "HEA;HEP",
  "PulseSequenceDetails": "%CustomerSeq%\\cmrr_mbep2d_bold",
  "WipMemBlock": "3aeb572b-b796-4ec4-916b-55197c0170fc||Sequence: R016 ve11c/master r/e634e98; Dec 19 2017 11:00:25 by eja",
  "RefLinesPE": 20,
  "CoilCombinationMethod": "Sum of Squares",
  "ConsistencyInfo": "N4_VE11C_LATEST_20160120",
  "MatrixCoilMode": "GRAPPA",
  "MultibandAccelerationFactor": 2,
  "PercentPhaseFOV": 100,
  "PercentSampling": 100,
  "EchoTrainLength": 38,
  "PhaseEncodingSteps": 77,
  "AcquisitionMatrixPE": 104,
  "ReconMatrixPE": 104,
  "BandwidthPerPixelPhaseEncode": 29.586,
  "ParallelReductionFactorInPlane": 2,
  "EffectiveEchoSpacing": 0.000324998,
  "DerivedVendorReportedEchoSpacing": 0.000649996,
  "TotalReadoutTime": 0.0334748,
  "PixelBandwidth": 1850,
  "DwellTime": 2.6e-06,
  "PhaseEncodingDirection": "j-",
  "SliceTiming": [
    0,
    0.495,
    0.99,
    1.485,
    1.98,
    0.295,
    0.7925,
    1.2875,
    1.7825,
    0.0975,
    0.5925,
    1.09,
    1.585,
    2.08,
    0.395,
    0.89,
    1.385,
    1.8825,
    0.1975,
    0.6925,
    1.1875,
    1.6825,
    0,
    0.495,
    0.99,
    1.485,
    1.98,
    0.295,
    0.7925,
    1.2875,
    1.7825,
    0.0975,
    0.5925,
    1.09,
    1.585,
    2.08,
    0.395,
    0.89,
    1.385,
    1.8825,
    0.1975,
    0.6925,
    1.1875,
    1.6825
  ],
  "ImageOrientationPatientDICOM": [
    0.996484,
    -0.0693358,
    0.0470307,
    0.0567589,
    0.971588,
    0.229773
  ],
  "ImageOrientationText": "Tra>Cor(13.1)>Sag(3.5)",
  "InPlanePhaseEncodingDirectionDICOM": "COL",
  "ConversionSoftware": "dcm2niix",
  "ConversionSoftwareVersion": "v1.0.20211006",
  "TaskName": "left hand"
}
