{
	"Modality": "MR",
	"MagneticFieldStrength": 3,
	"ImagingFrequency": 123.201,
	"Manufacturer": "Siemens",
	"ManufacturersModelName": "Prisma_fit",
	"InstitutionName": "NU Tarpon",
	"InstitutionalDepartmentName": "RESEARCH",
	"InstitutionAddress": "ST. CLAIR 715,CHICAGO,CHICAGO,US,60611",
	"DeviceSerialNumber": "167018",
	"StationName": "MRC35013",
	"BodyPartExamined": "BRAIN",
	"PatientPosition": "HFS",
	"ProcedureStepDescription": "FMRI_STUDIES^BRIGHT",
	"SoftwareVersions": "syngo MR E11",
	"MRAcquisitionType": "3D",
	"SeriesDescription": "T1w_ME3_MPR_vNav_1iso_WORKS RMS",
	"ProtocolName": "T1w_ME3_MPR_vNav_1iso_WORKS",
	"ScanningSequence": "GR\\IR",
	"SequenceVariant": "SK\\SP\\MP",
	"ScanOptions": "IR\\PFP\\WE",
	"SequenceName": "tfl3d3_16ns",
	"ImageType": ["ORIGINAL", "PRIMARY", "OTHER", "ND", "NORM", "MEAN"],
	"SeriesNumber": 8,
	"AcquisitionTime": "12:23:57.495000",
	"AcquisitionNumber": 1,
	"SliceThickness": 1,
	"SAR": 0.045499,
	"NumberOfAverages": 3,
	"EchoTime": 0.00169,
	"RepetitionTime": 2.17,
	"SpoilingState": true,
	"InversionTime": 1.16,
	"FlipAngle": 7,
	"PartialFourier": 0.75,
	"BaseResolution": 256,
	"ShimSetting": [
		852,
		-7262,
		-4863,
		426,
		37,
		-145,
		-63,
		-15	],
	"TxRefAmp": 252.511,
	"PhaseResolution": 1,
	"ReceiveCoilName": "Head_32",
	"ReceiveCoilActiveElements": "HEA;HEP",
	"PulseSequenceDetails": "%CustomerSeq%\\tfl_mgh_epinav_ABCD",
	"WipMemBlock": "Prisma_epi_moco_navigator_ABCD_tfl.prot",
	"RefLinesPE": 36,
	"CoilCombinationMethod": "Adaptive Combine",
	"ConsistencyInfo": "N4_VE11C_LATEST_20160120",
	"MatrixCoilMode": "GRAPPA",
	"PercentPhaseFOV": 100,
	"PercentSampling": 100,
	"PhaseEncodingSteps": 191,
	"AcquisitionMatrixPE": 256,
	"ReconMatrixPE": 256,
	"ParallelReductionFactorInPlane": 2,
	"PixelBandwidth": 650,
	"DwellTime": 3e-06,
	"ImageOrientationPatientDICOM": [
		-0.0347043,
		0.998304,
		0.046749,
		-0.0210032,
		0.0460383,
		-0.998719	],
	"ImageOrientationText": "Sag>Cor(-2.0)>Tra(1.1)",
	"InPlanePhaseEncodingDirectionDICOM": "ROW",
	"ConversionSoftware": "dcm2niix",
	"ConversionSoftwareVersion": "v1.0.20211006"
}
