{
	"Modality": "MR",
	"MagneticFieldStrength": 3,
	"ImagingFrequency": 123.201,
	"Manufacturer": "Siemens",
	"ManufacturersModelName": "Prisma_fit",
	"InstitutionName": "NU Tarpon",
	"InstitutionalDepartmentName": "RESEARCH",
	"InstitutionAddress": "ST. CLAIR 715,CHICAGO,CHICAGO,US,60611",
	"DeviceSerialNumber": "167018",
	"StationName": "MRC35013",
	"BodyPartExamined": "BRAIN",
	"PatientPosition": "HFS",
	"ProcedureStepDescription": "FMRI_STUDIES^BRIGHT",
	"SoftwareVersions": "syngo MR E11",
	"MRAcquisitionType": "2D",
	"SeriesDescription": "gre_field_mapping",
	"ProtocolName": "gre_field_mapping",
	"ScanningSequence": "GR",
	"SequenceVariant": "SP",
	"SequenceName": "*fm2d2r",
	"ImageType": ["ORIGINAL", "PRIMARY", "M", "ND"],
	"SeriesNumber": 9,
	"AcquisitionTime": "11:16:20.567500",
	"AcquisitionNumber": 1,
	"SliceThickness": 3,
	"SpacingBetweenSlices": 3,
	"SAR": 0.113382,
	"EchoNumber": 1,
	"EchoTime": 0.00492,
	"RepetitionTime": 0.645,
	"FlipAngle": 50,
	"PartialFourier": 1,
	"BaseResolution": 64,
	"ShimSetting": [
		836,
		-7335,
		-4804,
		397,
		17,
		-127,
		85,
		-26	],
	"TxRefAmp": 296.492,
	"PhaseResolution": 1,
	"ReceiveCoilName": "Head_32",
	"ReceiveCoilActiveElements": "HEA;HEP",
	"PulseSequenceDetails": "%SiemensSeq%\\gre_field_mapping",
	"CoilCombinationMethod": "Sum of Squares",
	"ConsistencyInfo": "N4_VE11C_LATEST_20160120",
	"MatrixCoilMode": "SENSE",
	"PercentPhaseFOV": 87.5,
	"PercentSampling": 100,
	"PhaseEncodingSteps": 56,
	"AcquisitionMatrixPE": 56,
	"ReconMatrixPE": 56,
	"PixelBandwidth": 565,
	"DwellTime": 1.38e-05,
	"PhaseEncodingDirection": "i",
	"SliceTiming": [
		0.32812,
		0,
		0.33594,
		0.01562,
		0.34375,
		0.02344,
		0.35156,
		0.03125,
		0.36719,
		0.03906,
		0.375,
		0.05469,
		0.38281,
		0.0625,
		0.39062,
		0.07031,
		0.40625,
		0.07812,
		0.41406,
		0.09375,
		0.42188,
		0.10156,
		0.42969,
		0.10938,
		0.44531,
		0.11719,
		0.45312,
		0.13281,
		0.46094,
		0.14062,
		0.47656,
		0.14844,
		0.47656,
		0.16406,
		0.49219,
		0.16406,
		0.5,
		0.17969,
		0.50781,
		0.1875,
		0.52344,
		0.19531,
		0.53125,
		0.21094,
		0.53906,
		0.21875,
		0.54688,
		0.22656,
		0.5625,
		0.23438,
		0.57031,
		0.25,
		0.57812,
		0.25781,
		0.58594,
		0.26562,
		0.60156,
		0.27344,
		0.60938,
		0.28906,
		0.61719,
		0.29688,
		0.625,
		0.30469,
		0.64062,
		0.3125	],
	"ImageOrientationPatientDICOM": [
		0.998206,
		0.058635,
		0.01212,
		-0.0598289,
		0.984695,
		0.163697	],
	"ImageOrientationText": "Tra>Cor(9.4)>Sag(0.1)",
	"InPlanePhaseEncodingDirectionDICOM": "ROW",
	"ConversionSoftware": "dcm2niix",
	"ConversionSoftwareVersion": "v1.0.20211006"
}
