{
  "Modality": "MR",
  "MagneticFieldStrength": 3,
  "ImagingFrequency": 123.261,
  "Manufacturer": "Siemens",
  "ManufacturersModelName": "Prisma_fit",
  "InstitutionName": "NU Tarpon",
  "InstitutionalDepartmentName": "RESEARCH",
  "InstitutionAddress": "ST. CLAIR 715,CHICAGO,CHICAGO,US,60611",
  "DeviceSerialNumber": "167018",
  "StationName": "MRC35013",
  "BodyPartExamined": "BRAIN",
  "PatientPosition": "HFS",
  "ProcedureStepDescription": "BRIGHT^ANVILdev",
  "SoftwareVersions": "syngo MR E11",
  "MRAcquisitionType": "2D",
  "SeriesDescription": "Run3_144mm_2200TR_MB2_ME3_4slice_SBRef",
  "ProtocolName": "Run3_144mm_2200TR_MB2_ME3_4slice",
  "ScanningSequence": "EP",
  "SequenceVariant": "SK\\SS",
  "ScanOptions": "PFP\\FS\\EXT",
  "SequenceName": "epfid2d3_104",
  "ImageType": [
    "ORIGINAL",
    "PRIMARY",
    "M",
    "TE1",
    "ND",
    "NORM",
    "MOSAIC"
  ],
  "SeriesNumber": 13,
  "AcquisitionTime": "10:52:30.272500",
  "AcquisitionNumber": 1,
  "ImageComments": "Single-band reference SENSE1",
  "SliceThickness": 4,
  "SpacingBetweenSlices": 4,
  "SAR": 0.0575515,
  "EchoNumber": 1,
  "EchoTime": 0.0134,
  "RepetitionTime": 2.2,
  "FlipAngle": 90,
  "PartialFourier": 0.75,
  "BaseResolution": 104,
  "ShimSetting": [
    829,
    -7316,
    -4805,
    647,
    34,
    -167,
    -65,
    95
  ],
  "TxRefAmp": 226.645,
  "PhaseResolution": 1,
  "ReceiveCoilName": "Head_32",
  "ReceiveCoilActiveElements": "HEA;HEP",
  "PulseSequenceDetails": "%CustomerSeq%\\cmrr_mbep2d_bold",
  "WipMemBlock": "7f037ea8-7862-4954-bf81-6eb31fef6609||Sequence: R016 ve11c/master r/e634e98; Dec 19 2017 11:00:25 by eja",
  "RefLinesPE": 20,
  "CoilCombinationMethod": "Sum of Squares",
  "ConsistencyInfo": "N4_VE11C_LATEST_20160120",
  "MatrixCoilMode": "GRAPPA",
  "PercentPhaseFOV": 100,
  "PercentSampling": 100,
  "EchoTrainLength": 38,
  "PhaseEncodingSteps": 77,
  "AcquisitionMatrixPE": 104,
  "ReconMatrixPE": 104,
  "BandwidthPerPixelPhaseEncode": 29.586,
  "ParallelReductionFactorInPlane": 2,
  "EffectiveEchoSpacing": 0.000324998,
  "DerivedVendorReportedEchoSpacing": 0.000649996,
  "TotalReadoutTime": 0.0334748,
  "PixelBandwidth": 1850,
  "DwellTime": 2.6e-06,
  "PhaseEncodingDirection": "j-",
  "SliceTiming": [
    0,
    0.1,
    0.1975,
    0.2975,
    0.3975,
    0.495,
    0.595,
    0.695,
    0.7925,
    0.8925,
    0.9925,
    1.09,
    1.19,
    1.2875,
    1.3875,
    1.4875,
    1.585,
    1.685,
    1.785,
    1.8825,
    1.9825,
    2.0825,
    2.18,
    2.28,
    2.3775,
    2.4775,
    2.5775,
    2.675,
    2.775,
    2.875,
    2.9725,
    3.0725,
    3.1725,
    3.27,
    3.37,
    3.4675,
    3.5675,
    3.6675,
    3.765,
    3.865,
    3.965,
    4.0625,
    4.1625,
    4.2625
  ],
  "ImageOrientationPatientDICOM": [
    0.996305,
    0.0354225,
    -0.0782421,
    -0.0240012,
    0.989523,
    0.142364
  ],
  "ImageOrientationText": "Tra>Cor(8.1)>Sag(-4.7)",
  "InPlanePhaseEncodingDirectionDICOM": "COL",
  "ConversionSoftware": "dcm2niix",
  "ConversionSoftwareVersion": "v1.0.20211006",
  "TaskName": "left hand"
}
