{
  "Modality": "MR",
  "MagneticFieldStrength": 3,
  "ImagingFrequency": 123.261,
  "Manufacturer": "Siemens",
  "ManufacturersModelName": "Prisma_fit",
  "InstitutionName": "NU Tarpon",
  "InstitutionalDepartmentName": "RESEARCH",
  "InstitutionAddress": "ST. CLAIR 715,CHICAGO,CHICAGO,US,60611",
  "DeviceSerialNumber": "167018",
  "StationName": "MRC35013",
  "BodyPartExamined": "BRAIN",
  "PatientPosition": "HFS",
  "ProcedureStepDescription": "BRIGHT^ANVILdev",
  "SoftwareVersions": "syngo MR E11",
  "MRAcquisitionType": "2D",
  "SeriesDescription": "Run3_144mm_2200TR_MB2_ME3_4slice",
  "ProtocolName": "Run3_144mm_2200TR_MB2_ME3_4slice",
  "ScanningSequence": "EP",
  "SequenceVariant": "SK\\SS",
  "ScanOptions": "PFP\\FS\\EXT",
  "SequenceName": "epfid2d3_104",
  "ImageType": [
    "ORIGINAL",
    "PRIMARY",
    "M",
    "MB",
    "TE2",
    "ND",
    "NORM",
    "MOSAIC"
  ],
  "SeriesNumber": 14,
  "AcquisitionTime": "15:24:55.152500",
  "AcquisitionNumber": 1,
  "ImageComments": "Unaliased MB2/PE4/LB SENSE1",
  "SliceThickness": 4,
  "SpacingBetweenSlices": 4,
  "SAR": 0.0690922,
  "EchoNumber": 2,
  "EchoTime": 0.0395,
  "RepetitionTime": 2.2,
  "FlipAngle": 90,
  "PartialFourier": 0.75,
  "BaseResolution": 104,
  "ShimSetting": [
    857,
    -7302,
    -4778,
    446,
    -73,
    -105,
    38,
    -21
  ],
  "TxRefAmp": 231.199,
  "PhaseResolution": 1,
  "ReceiveCoilName": "Head_32",
  "ReceiveCoilActiveElements": "HEA;HEP",
  "PulseSequenceDetails": "%CustomerSeq%\\cmrr_mbep2d_bold",
  "WipMemBlock": "bc669f01-be66-44dd-9384-f58e68dd5381||Sequence: R016 ve11c/master r/e634e98; Dec 19 2017 11:00:25 by eja",
  "RefLinesPE": 20,
  "CoilCombinationMethod": "Sum of Squares",
  "ConsistencyInfo": "N4_VE11C_LATEST_20160120",
  "MatrixCoilMode": "GRAPPA",
  "MultibandAccelerationFactor": 2,
  "PercentPhaseFOV": 100,
  "PercentSampling": 100,
  "EchoTrainLength": 38,
  "PhaseEncodingSteps": 77,
  "AcquisitionMatrixPE": 104,
  "ReconMatrixPE": 104,
  "BandwidthPerPixelPhaseEncode": 29.586,
  "ParallelReductionFactorInPlane": 2,
  "EffectiveEchoSpacing": 0.000324998,
  "DerivedVendorReportedEchoSpacing": 0.000649996,
  "TotalReadoutTime": 0.0334748,
  "PixelBandwidth": 1850,
  "DwellTime": 2.6e-06,
  "PhaseEncodingDirection": "j-",
  "SliceTiming": [
    0,
    0.495,
    0.99,
    1.4875,
    1.9825,
    0.2975,
    0.7925,
    1.2875,
    1.785,
    0.1,
    0.595,
    1.09,
    1.585,
    2.08,
    0.3975,
    0.8925,
    1.3875,
    1.8825,
    0.1975,
    0.695,
    1.19,
    1.685,
    0,
    0.495,
    0.99,
    1.4875,
    1.9825,
    0.2975,
    0.7925,
    1.2875,
    1.785,
    0.1,
    0.595,
    1.09,
    1.585,
    2.08,
    0.3975,
    0.8925,
    1.3875,
    1.8825,
    0.1975,
    0.695,
    1.19,
    1.685
  ],
  "ImageOrientationPatientDICOM": [
    0.997933,
    0.0332035,
    0.0550236,
    -0.0360693,
    0.997999,
    0.051937
  ],
  "ImageOrientationText": "Tra>Cor(3.1)>Sag(3.0)",
  "InPlanePhaseEncodingDirectionDICOM": "COL",
  "ConversionSoftware": "dcm2niix",
  "ConversionSoftwareVersion": "v1.0.20211006",
  "TaskName": "right hand"
}
